PATH
  remote: .
  specs:
    derivator (0.1)
      openssl (>= 3.0)

GEM
  remote: https://rubygems.org/
  specs:
    diff-lcs (1.5.0)
    openssl (3.0.0)
    rake (13.0.6)
    rspec (3.11.0)
      rspec-core (~> 3.11.0)
      rspec-expectations (~> 3.11.0)
      rspec-mocks (~> 3.11.0)
    rspec-core (3.11.0)
      rspec-support (~> 3.11.0)
    rspec-expectations (3.11.0)
      diff-lcs (>= 1.2.0, < 2.0)
      rspec-support (~> 3.11.0)
    rspec-mocks (3.11.1)
      diff-lcs (>= 1.2.0, < 2.0)
      rspec-support (~> 3.11.0)
    rspec-support (3.11.0)
    webrick (1.7.0)
    yard (0.9.28)
      webrick (~> 1.7.0)

PLATFORMS
  ruby
  x86_64-linux

DEPENDENCIES
  derivator!
  rake (~> 13.0)
  rspec (~> 3.0)
  yard

BUNDLED WITH
   2.2.22
